GEM
  remote: https://rubygems.org/
  specs:
    activesupport (5.2.2)
      concurrent-ruby (~> 1.0, >= 1.0.2)
      i18n (>= 0.7, < 2)
      minitest (~> 5.1)
      tzinfo (~> 1.1)
    ast (2.4.0)
    ast_utils (0.3.0)
      parser (~> 2.4)
      thor (>= 0.19)
    concurrent-ruby (1.1.3)
    i18n (1.1.1)
      concurrent-ruby (~> 1.0)
    minitest (5.11.3)
    parser (2.5.3.0)
      ast (~> 2.4.0)
    rainbow (2.2.2)
      rake
    rake (12.3.1)
    steep (0.9.0)
      activesupport (~> 5.1)
      ast_utils (~> 0.3.0)
      parser (~> 2.4)
      rainbow (~> 2.2.2, < 4.0)
    thor (0.20.3)
    thread_safe (0.3.6)
    tzinfo (1.2.5)
      thread_safe (~> 0.1)

PLATFORMS
  ruby

DEPENDENCIES
  steep

BUNDLED WITH
   1.17.1
